GEM
  remote: https://rubygems.org/
  specs:
<<<<<<< HEAD
    actionmailer (4.2.5.2)
      actionpack (= 4.2.5.2)
      actionview (= 4.2.5.2)
      activejob (= 4.2.5.2)
      mail (~> 2.5, >= 2.5.4)
      rails-dom-testing (~> 1.0, >= 1.0.5)
    actionpack (4.2.5.2)
      actionview (= 4.2.5.2)
      activesupport (= 4.2.5.2)
=======
    actionmailer (4.2.5)
      actionpack (= 4.2.5)
      actionview (= 4.2.5)
      activejob (= 4.2.5)
      mail (~> 2.5, >= 2.5.4)
      rails-dom-testing (~> 1.0, >= 1.0.5)
    actionpack (4.2.5)
      actionview (= 4.2.5)
      activesupport (= 4.2.5)
>>>>>>> 2ee75c01099103e4f2c5413802b29fed68c39969
      rack (~> 1.6)
      rack-test (~> 0.6.2)
      rails-dom-testing (~> 1.0, >= 1.0.5)
      rails-html-sanitizer (~> 1.0, >= 1.0.2)
    actionpack-action_caching (1.1.1)
      actionpack (>= 4.0.0, < 5.0)
    actionpack-xml_parser (1.0.2)
      actionpack (>= 4.0.0, < 5)
<<<<<<< HEAD
    actionview (4.2.5.2)
      activesupport (= 4.2.5.2)
=======
    actionview (4.2.5)
      activesupport (= 4.2.5)
>>>>>>> 2ee75c01099103e4f2c5413802b29fed68c39969
      builder (~> 3.1)
      erubis (~> 2.7.0)
      rails-dom-testing (~> 1.0, >= 1.0.5)
      rails-html-sanitizer (~> 1.0, >= 1.0.2)
<<<<<<< HEAD
    activejob (4.2.5.2)
      activesupport (= 4.2.5.2)
      globalid (>= 0.3.0)
    activemodel (4.2.5.2)
      activesupport (= 4.2.5.2)
      builder (~> 3.1)
    activerecord (4.2.5.2)
      activemodel (= 4.2.5.2)
      activesupport (= 4.2.5.2)
      arel (~> 6.0)
    activesupport (4.2.5.2)
=======
    activejob (4.2.5)
      activesupport (= 4.2.5)
      globalid (>= 0.3.0)
    activemodel (4.2.5)
      activesupport (= 4.2.5)
      builder (~> 3.1)
    activerecord (4.2.5)
      activemodel (= 4.2.5)
      activesupport (= 4.2.5)
      arel (~> 6.0)
    activesupport (4.2.5)
>>>>>>> 2ee75c01099103e4f2c5413802b29fed68c39969
      i18n (~> 0.7)
      json (~> 1.7, >= 1.7.7)
      minitest (~> 5.1)
      thread_safe (~> 0.3, >= 0.3.4)
      tzinfo (~> 1.1)
    addressable (2.4.0)
    arel (6.0.3)
<<<<<<< HEAD
    aws-sdk (1.66.0)
      aws-sdk-v1 (= 1.66.0)
    aws-sdk-v1 (1.66.0)
      json (~> 1.4)
      nokogiri (>= 1.4.4)
    aws-ses (0.4.4)
      builder
      mail (> 2.2.5)
      mime-types
      xml-simple
=======
>>>>>>> 2ee75c01099103e4f2c5413802b29fed68c39969
    builder (3.2.2)
    capybara (2.6.2)
      addressable
      mime-types (>= 1.16)
      nokogiri (>= 1.3.3)
      rack (>= 1.0.0)
      rack-test (>= 0.5.4)
      xpath (~> 2.0)
    childprocess (0.5.9)
      ffi (~> 1.0, >= 1.0.11)
<<<<<<< HEAD
    coderay (1.1.1)
    concurrent-ruby (1.0.1)
    diff-lcs (1.2.5)
    docile (1.1.5)
    dotenv (2.0.2)
    dotenv-rails (2.0.2)
      dotenv (= 2.0.2)
      railties (~> 4.0)
=======
    coderay (1.1.0)
    concurrent-ruby (1.0.0)
    docile (1.1.5)
>>>>>>> 2ee75c01099103e4f2c5413802b29fed68c39969
    erubis (2.7.0)
    ffi (1.9.10)
    globalid (0.3.6)
      activesupport (>= 4.1.0)
<<<<<<< HEAD
    honeybadger (2.5.1)
    htmlentities (4.3.4)
=======
    honeybadger (2.4.1)
    htmlentities (4.3.1)
>>>>>>> 2ee75c01099103e4f2c5413802b29fed68c39969
    i18n (0.7.0)
    jquery-rails (3.1.4)
      railties (>= 3.0, < 5.0)
      thor (>= 0.14, < 2.0)
    json (1.8.3)
    loofah (2.0.3)
      nokogiri (>= 1.5.9)
    mail (2.6.3)
      mime-types (>= 1.16, < 3)
    metaclass (0.0.4)
<<<<<<< HEAD
    mime-types (2.99.1)
=======
    mime-types (2.99)
>>>>>>> 2ee75c01099103e4f2c5413802b29fed68c39969
    mini_portile2 (2.0.0)
    minitest (5.8.4)
    mocha (1.1.0)
      metaclass (~> 0.0.1)
    multi_json (1.11.2)
<<<<<<< HEAD
=======
    mysql2 (0.3.20)
>>>>>>> 2ee75c01099103e4f2c5413802b29fed68c39969
    net-ldap (0.3.1)
    nokogiri (1.6.7.2)
      mini_portile2 (~> 2.0.0.rc2)
    pg (0.18.4)
    protected_attributes (1.1.3)
      activemodel (>= 4.0.1, < 5.0)
<<<<<<< HEAD
    proxies (0.2.1)
=======
>>>>>>> 2ee75c01099103e4f2c5413802b29fed68c39969
    rack (1.6.4)
    rack-openid (1.4.2)
      rack (>= 1.1.0)
      ruby-openid (>= 2.1.8)
    rack-test (0.6.3)
      rack (>= 1.0)
<<<<<<< HEAD
    rails (4.2.5.2)
      actionmailer (= 4.2.5.2)
      actionpack (= 4.2.5.2)
      actionview (= 4.2.5.2)
      activejob (= 4.2.5.2)
      activemodel (= 4.2.5.2)
      activerecord (= 4.2.5.2)
      activesupport (= 4.2.5.2)
      bundler (>= 1.3.0, < 2.0)
      railties (= 4.2.5.2)
=======
    rails (4.2.5)
      actionmailer (= 4.2.5)
      actionpack (= 4.2.5)
      actionview (= 4.2.5)
      activejob (= 4.2.5)
      activemodel (= 4.2.5)
      activerecord (= 4.2.5)
      activesupport (= 4.2.5)
      bundler (>= 1.3.0, < 2.0)
      railties (= 4.2.5)
>>>>>>> 2ee75c01099103e4f2c5413802b29fed68c39969
      sprockets-rails
    rails-deprecated_sanitizer (1.0.3)
      activesupport (>= 4.2.0.alpha)
    rails-dom-testing (1.0.7)
      activesupport (>= 4.2.0.beta, < 5.0)
      nokogiri (~> 1.6.0)
      rails-deprecated_sanitizer (>= 1.0.1)
    rails-html-sanitizer (1.0.3)
      loofah (~> 2.0)
    rails_12factor (0.0.3)
      rails_serve_static_assets
      rails_stdout_logging
    rails_serve_static_assets (0.0.5)
    rails_stdout_logging (0.0.4)
<<<<<<< HEAD
    railties (4.2.5.2)
      actionpack (= 4.2.5.2)
      activesupport (= 4.2.5.2)
=======
    railties (4.2.5)
      actionpack (= 4.2.5)
      activesupport (= 4.2.5)
>>>>>>> 2ee75c01099103e4f2c5413802b29fed68c39969
      rake (>= 0.8.7)
      thor (>= 0.18.1, < 2.0)
    rake (10.5.0)
    rbpdf (1.18.7)
<<<<<<< HEAD
    rdoc (4.2.2)
      json (~> 1.4)
    recipient_interceptor (0.1.2)
      mail
    redcarpet (3.3.4)
    request_store (1.0.5)
    rmagick (2.15.4)
    rspec-core (3.4.3)
      rspec-support (~> 3.4.0)
    rspec-expectations (3.4.0)
      diff-lcs (>= 1.2.0, < 2.0)
      rspec-support (~> 3.4.0)
    rspec-mocks (3.4.1)
      diff-lcs (>= 1.2.0, < 2.0)
      rspec-support (~> 3.4.0)
    rspec-rails (3.4.2)
      actionpack (>= 3.0, < 4.3)
      activesupport (>= 3.0, < 4.3)
      railties (>= 3.0, < 4.3)
      rspec-core (~> 3.4.0)
      rspec-expectations (~> 3.4.0)
      rspec-mocks (~> 3.4.0)
      rspec-support (~> 3.4.0)
    rspec-support (3.4.1)
    ruby-openid (2.3.0)
    rubyzip (1.2.0)
    s3 (0.3.24)
      proxies (~> 0.2.0)
    selenium-webdriver (2.53.0)
      childprocess (~> 0.5)
=======
      htmlentities (= 4.3.1)
    rdoc (4.2.2)
      json (~> 1.4)
    redcarpet (3.3.4)
    request_store (1.0.5)
    rmagick (2.15.4)
    ruby-openid (2.3.0)
    rubyzip (1.1.7)
    selenium-webdriver (2.52.0)
      childprocess (~> 0.5)
      multi_json (~> 1.0)
>>>>>>> 2ee75c01099103e4f2c5413802b29fed68c39969
      rubyzip (~> 1.0)
      websocket (~> 1.0)
    simplecov (0.9.2)
      docile (~> 1.1.0)
      multi_json (~> 1.0)
      simplecov-html (~> 0.9.0)
    simplecov-html (0.9.0)
    sprockets (3.5.2)
      concurrent-ruby (~> 1.0)
      rack (> 1, < 3)
<<<<<<< HEAD
    sprockets-rails (3.0.4)
=======
    sprockets-rails (3.0.1)
>>>>>>> 2ee75c01099103e4f2c5413802b29fed68c39969
      actionpack (>= 4.0)
      activesupport (>= 4.0)
      sprockets (>= 3.0.0)
    thor (0.19.1)
    thread_safe (0.3.5)
    tzinfo (1.2.2)
      thread_safe (~> 0.1)
    websocket (1.2.2)
<<<<<<< HEAD
    xml-simple (1.1.5)
=======
>>>>>>> 2ee75c01099103e4f2c5413802b29fed68c39969
    xpath (2.0.0)
      nokogiri (~> 1.3)
    yard (0.8.7.6)

PLATFORMS
  ruby

DEPENDENCIES
  actionpack-action_caching
  actionpack-xml_parser
  activerecord-jdbc-adapter (~> 1.3.2)
<<<<<<< HEAD
  activerecord-jdbcpostgresql-adapter
  aws-sdk (~> 1)
  aws-ses (~> 0.4.4)
  builder (>= 3.0.4)
  capybara
  coderay (~> 1.1.0)
  dotenv-rails
  honeybadger (~> 2.0)
  htmlentities (~> 4.3, >= 4.3.4)
=======
  activerecord-jdbcmysql-adapter
  builder (>= 3.0.4)
  capybara
  coderay (~> 1.1.0)
  honeybadger (~> 2.0)
>>>>>>> 2ee75c01099103e4f2c5413802b29fed68c39969
  jquery-rails (~> 3.1.4)
  loofah (~> 2.0)
  mime-types
  minitest
  mocha
<<<<<<< HEAD
  net-ldap (~> 0.3.1)
  nokogiri (>= 1.6.7.2)
  pg (~> 0.18.1)
  protected_attributes
  rack-openid
  rails (= 4.2.5.2)
  rails-dom-testing
  rails-html-sanitizer (>= 1.0.3)
  rails_12factor
  rake (~> 10.5.0)
  rbpdf (~> 1.18.7)
  rdoc (>= 2.4.2)
  recipient_interceptor
  redcarpet (~> 3.3.2)
  request_store (= 1.0.5)
  rmagick (>= 2.14.0)
  rspec-rails (~> 3.4.2)
  ruby-openid (~> 2.3.0)
  s3
=======
  mysql2 (~> 0.3.11)
  net-ldap (~> 0.3.1)
  pg
  protected_attributes
  rack-openid
  rails (= 4.2.5)
  rails-dom-testing
  rails_12factor
  rbpdf (~> 1.18.7)
  rdoc (>= 2.4.2)
  redcarpet (~> 3.3.2)
  request_store (= 1.0.5)
  rmagick (>= 2.14.0)
  ruby-openid (~> 2.3.0)
>>>>>>> 2ee75c01099103e4f2c5413802b29fed68c39969
  selenium-webdriver
  simplecov (~> 0.9.1)
  tzinfo-data
  yard

BUNDLED WITH
   1.11.2
