GEM
  specs:
    aws-sdk (2.2.29)
      aws-sdk-resources (= 2.2.29)
    aws-sdk-core (2.2.29)
      jmespath (~> 1.0)
    aws-sdk-resources (2.2.29)
      aws-sdk-core (= 2.2.29)
    jmespath (1.1.3)

PLATFORMS
  ruby

DEPENDENCIES
  aws-sdk (~> 2)

BUNDLED WITH
   1.11.2
